GEM
  remote: https://rubygems.org/
  specs:
    github-markdown (0.6.5)
    kgio (2.9.2)
    liquid (2.6.1)
    rack (1.5.2)
    rack-protection (1.5.3)
      rack
    raindrops (0.13.0)
    sequel (4.9.0)
    sinatra (1.4.5)
      rack (~> 1.4)
      rack-protection (~> 1.4)
      tilt (~> 1.3, >= 1.3.4)
    sqlite3 (1.3.9)
    tilt (1.4.1)
    unicorn (4.8.2)
      kgio (~> 2.6)
      rack
      raindrops (~> 0.7)

PLATFORMS
  ruby

DEPENDENCIES
  github-markdown
  liquid
  sequel
  sinatra
  sqlite3
  unicorn
